PATH
  remote: .
  specs:
    csv_geocoder (0.1.0)

GEM
  remote: https://rubygems.org/
  specs:
    minitest (5.16.2)
    rake (13.0.6)

PLATFORMS
  ruby

DEPENDENCIES
  csv_geocoder!
  minitest (~> 5.0)
  rake (~> 13.0)

BUNDLED WITH
   2.3.6
